GIT
  remote: git://github.com/capistrano/rbenv.git
  revision: 6f1216cfe0a6b4ac23ca4eaf8acf012e8165d247
  specs:
    capistrano-rbenv (2.0.3)
      capistrano (~> 3.1)
      sshkit (~> 1.3)

GIT
  remote: git://github.com/gregbell/active_admin.git
  revision: a3fca244b0cbaa6139931952ba2c72dda58e05b1
  specs:
    activeadmin (1.0.0.pre2)
      arbre (~> 1.0, >= 1.0.2)
      bourbon
      coffee-rails
      formtastic (~> 3.1)
      formtastic_i18n
      inherited_resources (~> 1.6)
      jquery-rails
      jquery-ui-rails
      kaminari (~> 0.15)
      rails (>= 3.2, < 5.0)
      ransack (~> 1.3)
      sass-rails

GIT
  remote: git://github.com/sebt-team/state_machine.git
  revision: 88e45a1b1622d7748933bc941e7e9b08b3045a94
  specs:
    state_machine (1.2.0)

GIT
  remote: git://github.com/stefanoverna/activeadmin-dragonfly.git
  revision: 611164ff0255c66a3e555b5d46dd99f0eff1f115
  specs:
    activeadmin-dragonfly (0.0.2)
      activeadmin
      dragonfly (= 0.9.15)
      rack-cache

GIT
  remote: git://github.com/stefanoverna/activeadmin-wysihtml5.git
  revision: cf609b7bd4331866a261bd04da81fd84b80d9469
  specs:
    activeadmin-wysihtml5 (1.0.0)
      activeadmin
      activeadmin-dragonfly

GIT
  remote: https://github.com/bastiaanterhorst/rich.git
  revision: b4cc4e321eb36d8f1e0fd0a98dbc47abc2df1c36
  specs:
    rich (1.4.8)
      jquery-rails
      kaminari
      mime-types
      rack-raw-upload
      rails (>= 3.2.0)
      sass-rails

GIT
  remote: https://github.com/capistrano/sshkit
  revision: 44bddf877c4db921db3acf4556e695b29fac9ce3
  specs:
    sshkit (1.7.1)
      net-scp (>= 1.1.2)
      net-ssh (>= 2.8.0)

GEM
  remote: https://rubygems.org/
  specs:
    actionmailer (4.1.6)
      actionpack (= 4.1.6)
      actionview (= 4.1.6)
      mail (~> 2.5, >= 2.5.4)
    actionpack (4.1.6)
      actionview (= 4.1.6)
      activesupport (= 4.1.6)
      rack (~> 1.5.2)
      rack-test (~> 0.6.2)
    actionview (4.1.6)
      activesupport (= 4.1.6)
      builder (~> 3.1)
      erubis (~> 2.7.0)
    active_record-acts_as (1.0.7)
      activerecord (~> 4, >= 4.1.2)
      activesupport (~> 4)
    active_rest_client (1.2.0)
      activesupport
      crack
      faraday
      multi_json
    active_skin (0.0.12)
    activeadmin-translate (0.2.2)
      activeadmin
      globalize3
      railties
    activemodel (4.1.6)
      activesupport (= 4.1.6)
      builder (~> 3.1)
    activerecord (4.1.6)
      activemodel (= 4.1.6)
      activesupport (= 4.1.6)
      arel (~> 5.0.0)
    activerecord-postgres-hstore (0.7.7)
      activerecord (>= 3.1)
      pg-hstore (>= 1.1.5)
      rake
    activesupport (4.1.6)
      i18n (~> 0.6, >= 0.6.9)
      json (~> 1.7, >= 1.7.7)
      minitest (~> 5.1)
      thread_safe (~> 0.1)
      tzinfo (~> 1.1)
    arbre (1.0.3)
      activesupport (>= 3.0.0)
    arel (5.0.1.20140414130214)
    aws-sdk (1.66.0)
      aws-sdk-v1 (= 1.66.0)
    aws-sdk-v1 (1.66.0)
      json (~> 1.4)
      nokogiri (>= 1.4.4)
    bcrypt (3.1.10)
    better_errors (2.1.1)
      coderay (>= 1.0.0)
      erubis (>= 2.6.6)
      rack (>= 0.9.0)
    binding_of_caller (0.7.2)
      debug_inspector (>= 0.0.1)
    bourbon (3.2.4)
      sass (~> 3.2)
      thor
    bower-rails (0.10.0)
    builder (3.2.2)
    byebug (5.0.0)
      columnize (= 0.9.0)
    capistrano (3.3.5)
      capistrano-stats (~> 1.1.0)
      i18n
      rake (>= 10.0.0)
      sshkit (~> 1.3)
    capistrano-bundler (1.1.4)
      capistrano (~> 3.1)
      sshkit (~> 1.2)
    capistrano-rails (1.1.5)
      capistrano (~> 3.1)
      capistrano-bundler (~> 1.1)
    capistrano-stats (1.1.1)
    chunky_png (1.3.4)
    climate_control (0.0.3)
      activesupport (>= 3.0)
    cocaine (0.5.7)
      climate_control (>= 0.0.3, < 1.0)
    coderay (1.1.0)
    coffee-rails (4.0.1)
      coffee-script (>= 2.2.0)
      railties (>= 4.0.0, < 5.0)
    coffee-script (2.4.1)
      coffee-script-source
      execjs
    coffee-script-source (1.9.1.1)
    columnize (0.9.0)
    compass (0.12.7)
      chunky_png (~> 1.2)
      fssm (>= 0.2.7)
      sass (~> 3.2.19)
    compass-rails (2.0.0)
      compass (>= 0.12.2)
    crack (0.4.2)
      safe_yaml (~> 1.0.0)
    daemons (1.2.3)
    debug_inspector (0.0.2)
    devise (3.5.2)
      bcrypt (~> 3.0)
      orm_adapter (~> 0.1)
      railties (>= 3.2.6, < 5)
      responders
      thread_safe (~> 0.1)
      warden (~> 1.2.3)
    devise-i18n (0.12.1)
    diff-lcs (1.2.5)
    dragonfly (0.9.15)
      multi_json (~> 1.0)
      rack
    enumerize (1.0.0)
      activesupport (>= 3.2)
    erubis (2.7.0)
    eventmachine (1.0.8)
    execjs (2.6.0)
    factory_girl (4.5.0)
      activesupport (>= 3.0.0)
    factory_girl_rails (4.5.0)
      factory_girl (~> 4.5.0)
      railties (>= 3.0.0)
    faker (1.5.0)
      i18n (~> 0.5)
    faraday (0.9.2)
      multipart-post (>= 1.2, < 3)
    ffi (1.9.10)
    formatador (0.2.5)
    formtastic (3.1.3)
      actionpack (>= 3.2.13)
    formtastic_i18n (0.4.1)
    fssm (0.2.10)
    globalize3 (0.1.0)
      activemodel (>= 3.0.0)
      activerecord (>= 3.0.0)
    guard (2.13.0)
      formatador (>= 0.2.4)
      listen (>= 2.7, <= 4.0)
      lumberjack (~> 1.0)
      nenv (~> 0.1)
      notiffany (~> 0.0)
      pry (>= 0.9.12)
      shellany (~> 0.0)
      thor (>= 0.18.1)
    guard-compat (1.2.1)
    guard-rspec (4.6.4)
      guard (~> 2.1)
      guard-compat (~> 1.1)
      rspec (>= 2.99.0, < 4.0)
    has_scope (0.6.0)
      actionpack (>= 3.2, < 5)
      activesupport (>= 3.2, < 5)
    hiera (3.0.1)
      json_pure
    hike (1.2.3)
    httparty (0.13.7)
      json (~> 1.8)
      multi_xml (>= 0.5.2)
    i18n (0.7.0)
    inherited_resources (1.6.0)
      actionpack (>= 3.2, < 5)
      has_scope (~> 0.6.0.rc)
      railties (>= 3.2, < 5)
      responders
    jbuilder (2.3.2)
      activesupport (>= 3.0.0, < 5)
      multi_json (~> 1.2)
    jquery-rails (3.1.4)
      railties (>= 3.0, < 5.0)
      thor (>= 0.14, < 2.0)
    jquery-ui-rails (5.0.5)
      railties (>= 3.2.16)
    json (1.8.3)
    json_pure (1.8.2)
    just-datetime-picker (0.0.6)
      activeadmin (>= 0.4.4)
      formtastic (>= 2.0.0)
    kaminari (0.16.3)
      actionpack (>= 3.0.0)
      activesupport (>= 3.0.0)
    listen (3.0.3)
      rb-fsevent (>= 0.9.3)
      rb-inotify (>= 0.9)
    lumberjack (1.0.9)
    mail (2.6.3)
      mime-types (>= 1.16, < 3)
    metaclass (0.0.4)
    method_source (0.8.2)
    mime-types (2.6.2)
    mimemagic (0.3.0)
    mini_portile (0.6.2)
    minitest (5.8.1)
    mocha (1.1.0)
      metaclass (~> 0.0.1)
    multi_json (1.11.2)
    multi_xml (0.5.5)
    multipart-post (2.0.0)
    nenv (0.2.0)
    net-scp (1.2.1)
      net-ssh (>= 2.6.5)
    net-ssh (3.0.1)
    nokogiri (1.6.6.2)
      mini_portile (~> 0.6.0)
    notiffany (0.0.8)
      nenv (~> 0.1)
      shellany (~> 0.0)
    orm_adapter (0.5.0)
    paperclip (4.3.1)
      activemodel (>= 3.2.0)
      activesupport (>= 3.2.0)
      cocaine (~> 0.5.5)
      mime-types
      mimemagic (= 0.3.0)
    pg (0.18.3)
    pg-hstore (1.2.0)
    polyamorous (1.2.0)
      activerecord (>= 3.0)
    pry (0.10.2)
      coderay (~> 1.1.0)
      method_source (~> 0.8.1)
      slop (~> 3.4)
    pry-byebug (3.2.0)
      byebug (~> 5.0)
      pry (~> 0.10)
    pry-rails (0.3.4)
      pry (>= 0.9.10)
    pundit (1.0.1)
      activesupport (>= 3.0.0)
    pushmeup (0.3.0)
      httparty
      json
    quiet_assets (1.1.0)
      railties (>= 3.1, < 5.0)
    rack (1.5.5)
    rack-cache (1.5.0)
      rack (>= 0.4)
    rack-cors (0.4.0)
    rack-raw-upload (1.1.1)
      multi_json
    rack-test (0.6.3)
      rack (>= 1.0)
    rails (4.1.6)
      actionmailer (= 4.1.6)
      actionpack (= 4.1.6)
      actionview (= 4.1.6)
      activemodel (= 4.1.6)
      activerecord (= 4.1.6)
      activesupport (= 4.1.6)
      bundler (>= 1.3.0, < 2.0)
      railties (= 4.1.6)
      sprockets-rails (~> 2.0)
    rails-i18n (4.0.5)
      i18n (~> 0.6)
      railties (~> 4.0)
    railties (4.1.6)
      actionpack (= 4.1.6)
      activesupport (= 4.1.6)
      rake (>= 0.8.7)
      thor (>= 0.18.1, < 2.0)
    rake (10.4.2)
    ransack (1.7.0)
      actionpack (>= 3.0)
      activerecord (>= 3.0)
      activesupport (>= 3.0)
      i18n
      polyamorous (~> 1.2)
    rb-fsevent (0.9.6)
    rb-inotify (0.9.5)
      ffi (>= 0.5.0)
    rdoc (4.2.0)
      json (~> 1.4)
    responders (1.1.2)
      railties (>= 3.2, < 4.2)
    roo (1.13.2)
      nokogiri
      rubyzip
      spreadsheet (> 0.6.4)
    rspec (3.3.0)
      rspec-core (~> 3.3.0)
      rspec-expectations (~> 3.3.0)
      rspec-mocks (~> 3.3.0)
    rspec-core (3.3.2)
      rspec-support (~> 3.3.0)
    rspec-expectations (3.3.1)
      diff-lcs (>= 1.2.0, < 2.0)
      rspec-support (~> 3.3.0)
    rspec-mocks (3.3.2)
      diff-lcs (>= 1.2.0, < 2.0)
      rspec-support (~> 3.3.0)
    rspec-nc (0.2.0)
      rspec (>= 2.9)
      terminal-notifier (>= 1.4)
    rspec-rails (3.3.3)
      actionpack (>= 3.0, < 4.3)
      activesupport (>= 3.0, < 4.3)
      railties (>= 3.0, < 4.3)
      rspec-core (~> 3.3.0)
      rspec-expectations (~> 3.3.0)
      rspec-mocks (~> 3.3.0)
      rspec-support (~> 3.3.0)
    rspec-support (3.3.0)
    ruby-ole (1.2.11.8)
    rubyzip (1.1.7)
    rut_validator (0.0.2)
      activemodel
    safe_yaml (1.0.4)
    sass (3.2.19)
    sass-rails (4.0.5)
      railties (>= 4.0.0, < 5.0)
      sass (~> 3.2.2)
      sprockets (~> 2.8, < 3.0)
      sprockets-rails (~> 2.0)
    sdoc (0.4.1)
      json (~> 1.7, >= 1.7.7)
      rdoc (~> 4.0)
    shellany (0.0.1)
    shoulda-callback-matchers (1.1.3)
      activesupport (>= 3)
    shoulda-matchers (3.0.0)
      activesupport (>= 4.0.0)
    simple_token_authentication (1.10.0)
      actionmailer (>= 3.2.6, < 5)
      actionpack (>= 3.2.6, < 5)
      devise (~> 3.2)
    slop (3.6.0)
    spreadsheet (1.0.7)
      ruby-ole (>= 1.0)
    sprockets (2.12.4)
      hike (~> 1.2)
      multi_json (~> 1.0)
      rack (~> 1.0)
      tilt (~> 1.1, != 1.3.0)
    sprockets-rails (2.3.3)
      actionpack (>= 3.0)
      activesupport (>= 3.0)
      sprockets (>= 2.8, < 4.0)
    terminal-notifier (1.6.3)
    thin (1.6.4)
      daemons (~> 1.0, >= 1.0.9)
      eventmachine (~> 1.0, >= 1.0.4)
      rack (~> 1.0)
    thor (0.19.1)
    thread_safe (0.3.5)
    tilt (1.4.1)
    truncate_html (0.9.3)
    tzinfo (1.2.2)
      thread_safe (~> 0.1)
    uglifier (2.7.2)
      execjs (>= 0.3.0)
      json (>= 1.8.0)
    warden (1.2.3)
      rack (>= 1.0)
    zeus (0.15.4)
      method_source (>= 0.6.7)

PLATFORMS
  ruby

DEPENDENCIES
  active_record-acts_as
  active_rest_client
  active_skin
  activeadmin!
  activeadmin-dragonfly!
  activeadmin-translate
  activeadmin-wysihtml5!
  activerecord-postgres-hstore
  aws-sdk (< 2.0)
  better_errors
  binding_of_caller
  bower-rails
  capistrano (~> 3.3.0)
  capistrano-bundler (~> 1.1.2)
  capistrano-rails (~> 1.1.1)
  capistrano-rbenv!
  coffee-rails (~> 4.0.0)
  compass-rails
  devise
  devise-i18n
  enumerize
  factory_girl_rails
  faker
  guard-rspec
  hiera
  jbuilder (~> 2.0)
  jquery-rails
  just-datetime-picker
  mocha
  paperclip (~> 4.2)
  pg
  pry-byebug
  pry-rails
  pundit
  pushmeup
  quiet_assets
  rack-cors
  rails (= 4.1.6)
  rails-i18n
  rich!
  roo (~> 1.13.2)
  rspec-nc
  rspec-rails
  rut_validator
  sass-rails (~> 4.0.3)
  sdoc (~> 0.4.0)
  shoulda-callback-matchers (~> 1.1.1)
  shoulda-matchers
  simple_token_authentication
  sshkit!
  state_machine!
  thin
  truncate_html
  uglifier (>= 1.3.0)
  zeus (~> 0.15.4)

BUNDLED WITH
   1.10.6
